{
    "Manufacturer": "Bruker BioSpin MRI GmbH",
    "ManufacturersModelName": "BioSpec 94/20",
    "DeviceSerialNumber": 10230731,
    "StationName": "BioSpec 94/20",
    "SoftwareVersion": "6.0.1",
    "MagneticFieldStrength": 9.402858730408587,
    "ReceiveCoilName": "Value was not specified",
    "ReceiveCoilActiveElements": "Value was not specified",
    "GradientSetType": "Value was not specified",
    "MRTransmitCoilSequence": {
        "Name": null,
        "Manufacture": null,
        "Type": null
    },
    "CoilConfigName": "Value was not specified",
    "MatrixCoilMode": "ParallelExperiment",
    "CoilCombinationMethod": "Value was not specified",
    "PulseSequenceType": "MDEFT.ppg",
    "ScanningSequence": "Bruker:MDEFT",
    "SequenceVariant": "Both",
    "ScanOptions": {
        "RG": "No",
        "CG": "No",
        "PFF": 1,
        "PFP": 1,
        "FC": "FlowNone",
        "SP": "Off",
        "FP": "FatSuppression"
    },
    "SequenceName": "MouseBrain_T1_MPRAGE_125",
    "PulseSequenceDetails": "MouseBrain_T1_MPRAGE_125 (E3)",
    "NonlinearGradientCorrection": "RectilinearTraversal",
    "NumberShots": 1,
    "ParallelReductionFactorInPlane": 32,
    "ParallelAcquisitionTechnique": "Value was not specified",
    "PartialFourier": [
        1,
        1,
        1.33
    ],
    "PartialFourierDirection": "Value was not specified",
    "PhaseEncodingDirection": "i",
    "EffectiveEchoSpacing": 1.25e-06,
    "TotalReadoutTime": 0.00016,
    "EchoTime": 0.00379860369075482,
    "RepetitionTime": 3.5,
    "InversionTime": 1.3,
    "SliceTiming": 0.0,
    "SliceEncodingDirection": "k",
    "DwellTime": 0.00512,
    "FlipAngle": 10,
    "MultibandAccerlationFactor": "Value was not specified",
    "AnatomicalLandmarkCoordinates": "Value was not specified",
    "InstitutionName": "Kings College London",
    "InstitutionAddress": "Value was not specified",
    "InstitutionalDepartmentName": "Value was not specified"
}